GEM
  remote: https://rubygems.org/
  specs:
    backports (3.3.2)
    bond (0.4.3)
    eventmachine (1.0.3)
    json (1.8.0)
    multi_json (1.0.4)
    opal (0.4.1)
      source_map
    rack (1.5.2)
    rack-protection (1.5.0)
      rack
    rack-test (0.6.2)
      rack (>= 1.0)
    rack-webconsole (0.1.4)
      multi_json (~> 1.0.3)
      rack
      ripl (~> 0.5.1)
      ripl-multi_line (~> 0.3.0)
    ripl (0.5.1)
      bond (~> 0.4.0)
    ripl-multi_line (0.3.1)
      ripl (>= 0.3.6)
    ruby-oembed (0.8.8)
    sinatra (1.4.3)
      rack (~> 1.4)
      rack-protection (~> 1.4)
      tilt (~> 1.3, >= 1.3.4)
    sinatra-contrib (1.4.0)
      backports (>= 2.0)
      eventmachine
      rack-protection
      rack-test
      sinatra (~> 1.4.2)
      tilt (~> 1.3)
    source_map (3.0.1)
      json
    tilt (1.4.1)
    youtube_search (0.1.7)

PLATFORMS
  ruby

DEPENDENCIES
  opal
  rack-webconsole
  ruby-oembed
  sinatra
  sinatra-contrib
  youtube_search
